GEM
  remote: https://rubygems.org/
  specs:
    addressable (2.8.7)
      public_suffix (>= 2.0.2, < 7.0)
    ast (2.4.2)
    bigdecimal (3.1.8)
    colorator (1.1.0)
    concurrent-ruby (1.3.4)
    docile (1.4.1)
    em-websocket (0.5.3)
      eventmachine (>= 0.12.9)
      http_parser.rb (~> 0)
    eventmachine (1.2.7)
    ffi (1.17.0)
    ffi (1.17.0-aarch64-linux-gnu)
    ffi (1.17.0-aarch64-linux-musl)
    ffi (1.17.0-arm-linux-gnu)
    ffi (1.17.0-arm-linux-musl)
    ffi (1.17.0-arm64-darwin)
    ffi (1.17.0-x86-linux-gnu)
    ffi (1.17.0-x86-linux-musl)
    ffi (1.17.0-x86_64-darwin)
    ffi (1.17.0-x86_64-linux-gnu)
    ffi (1.17.0-x86_64-linux-musl)
    forwardable-extended (2.6.0)
    google-protobuf (4.28.3)
      bigdecimal
      rake (>= 13)
    google-protobuf (4.28.3-aarch64-linux)
      bigdecimal
      rake (>= 13)
    google-protobuf (4.28.3-arm64-darwin)
      bigdecimal
      rake (>= 13)
    google-protobuf (4.28.3-x86-linux)
      bigdecimal
      rake (>= 13)
    google-protobuf (4.28.3-x86_64-darwin)
      bigdecimal
      rake (>= 13)
    google-protobuf (4.28.3-x86_64-linux)
      bigdecimal
      rake (>= 13)
    http_parser.rb (0.8.0)
    i18n (1.14.6)
      concurrent-ruby (~> 1.0)
    jekyll (4.3.4)
      addressable (~> 2.4)
      colorator (~> 1.0)
      em-websocket (~> 0.5)
      i18n (~> 1.0)
      jekyll-sass-converter (>= 2.0, < 4.0)
      jekyll-watch (~> 2.0)
      kramdown (~> 2.3, >= 2.3.1)
      kramdown-parser-gfm (~> 1.0)
      liquid (~> 4.0)
      mercenary (>= 0.3.6, < 0.5)
      pathutil (~> 0.9)
      rouge (>= 3.0, < 5.0)
      safe_yaml (~> 1.0)
      terminal-table (>= 1.8, < 4.0)
      webrick (~> 1.7)
    jekyll-sass-converter (3.0.0)
      sass-embedded (~> 1.54)
    jekyll-watch (2.2.1)
      listen (~> 3.0)
    json (2.7.4)
    kramdown (2.4.0)
      rexml
    kramdown-parser-gfm (1.1.0)
      kramdown (~> 2.0)
    language_server-protocol (3.17.0.3)
    liquid (4.0.4)
    listen (3.9.0)
      rb-fsevent (~> 0.10, >= 0.10.3)
      rb-inotify (~> 0.9, >= 0.9.10)
    logger (1.6.1)
    mercenary (0.4.0)
    parallel (1.26.3)
    parser (3.3.5.0)
      ast (~> 2.4.1)
      racc
    pathutil (0.16.2)
      forwardable-extended (~> 2.6)
    prism (1.2.0)
    public_suffix (6.0.1)
    racc (1.8.1)
    rainbow (3.1.1)
    rake (13.2.1)
    rb-fsevent (0.11.2)
    rb-inotify (0.11.1)
      ffi (~> 1.0)
    rbs (3.6.1)
      logger
    regexp_parser (2.9.2)
    rexml (3.3.9)
    rouge (4.4.0)
    rubocop (1.67.0)
      json (~> 2.3)
      language_server-protocol (>= 3.17.0)
      parallel (~> 1.10)
      parser (>= 3.3.0.2)
      rainbow (>= 2.2.2, < 4.0)
      regexp_parser (>= 2.4, < 3.0)
      rubocop-ast (>= 1.32.2, < 2.0)
      ruby-progressbar (~> 1.7)
      unicode-display_width (>= 2.4.0, < 3.0)
    rubocop-ast (1.32.3)
      parser (>= 3.3.1.0)
    ruby-lsp (0.20.1)
      language_server-protocol (~> 3.17.0)
      prism (>= 1.2, < 2.0)
      rbs (>= 3, < 4)
      sorbet-runtime (>= 0.5.10782)
    ruby-progressbar (1.13.0)
    safe_yaml (1.0.5)
    sass-embedded (1.80.4)
      google-protobuf (~> 4.28)
      rake (>= 13)
    sass-embedded (1.80.4-aarch64-linux-android)
      google-protobuf (~> 4.28)
    sass-embedded (1.80.4-aarch64-linux-gnu)
      google-protobuf (~> 4.28)
    sass-embedded (1.80.4-aarch64-linux-musl)
      google-protobuf (~> 4.28)
    sass-embedded (1.80.4-aarch64-mingw-ucrt)
      google-protobuf (~> 4.28)
    sass-embedded (1.80.4-arm-linux-androideabi)
      google-protobuf (~> 4.28)
    sass-embedded (1.80.4-arm-linux-gnueabihf)
      google-protobuf (~> 4.28)
    sass-embedded (1.80.4-arm-linux-musleabihf)
      google-protobuf (~> 4.28)
    sass-embedded (1.80.4-arm64-darwin)
      google-protobuf (~> 4.28)
    sass-embedded (1.80.4-riscv64-linux-android)
      google-protobuf (~> 4.28)
    sass-embedded (1.80.4-riscv64-linux-gnu)
      google-protobuf (~> 4.28)
    sass-embedded (1.80.4-riscv64-linux-musl)
      google-protobuf (~> 4.28)
    sass-embedded (1.80.4-x86-cygwin)
      google-protobuf (~> 4.28)
    sass-embedded (1.80.4-x86-linux-android)
      google-protobuf (~> 4.28)
    sass-embedded (1.80.4-x86-linux-gnu)
      google-protobuf (~> 4.28)
    sass-embedded (1.80.4-x86-linux-musl)
      google-protobuf (~> 4.28)
    sass-embedded (1.80.4-x86-mingw-ucrt)
      google-protobuf (~> 4.28)
    sass-embedded (1.80.4-x86_64-cygwin)
      google-protobuf (~> 4.28)
    sass-embedded (1.80.4-x86_64-darwin)
      google-protobuf (~> 4.28)
    sass-embedded (1.80.4-x86_64-linux-android)
      google-protobuf (~> 4.28)
    sass-embedded (1.80.4-x86_64-linux-gnu)
      google-protobuf (~> 4.28)
    sass-embedded (1.80.4-x86_64-linux-musl)
      google-protobuf (~> 4.28)
    simplecov (0.22.0)
      docile (~> 1.1)
      simplecov-html (~> 0.11)
      simplecov_json_formatter (~> 0.1)
    simplecov-cobertura (2.1.0)
      rexml
      simplecov (~> 0.19)
    simplecov-html (0.13.1)
    simplecov_json_formatter (0.1.4)
    sorbet-runtime (0.5.11615)
    terminal-table (3.0.2)
      unicode-display_width (>= 1.1.1, < 3)
    unicode-display_width (2.6.0)
    webrick (1.8.2)

PLATFORMS
  aarch64-linux
  aarch64-linux-android
  aarch64-linux-gnu
  aarch64-linux-musl
  aarch64-mingw-ucrt
  arm-linux-androideabi
  arm-linux-gnu
  arm-linux-gnueabihf
  arm-linux-musl
  arm-linux-musleabihf
  arm64-darwin
  riscv64-linux-android
  riscv64-linux-gnu
  riscv64-linux-musl
  ruby
  x86-cygwin
  x86-linux
  x86-linux-android
  x86-linux-gnu
  x86-linux-musl
  x86-mingw-ucrt
  x86_64-cygwin
  x86_64-darwin
  x86_64-linux-android
  x86_64-linux-gnu
  x86_64-linux-musl

DEPENDENCIES
  bundler
  jekyll
  rubocop
  ruby-lsp
  simplecov
  simplecov-cobertura

BUNDLED WITH
   2.5.16
